GEM
  remote: http://rubygems.org/
  specs:
    BlueCloth (1.0.1)
    diff-lcs (1.1.2)
    hash-access (0.2.1)
    rdoc (3.5.3)
    rspec (2.5.0)
      rspec-core (~> 2.5.0)
      rspec-expectations (~> 2.5.0)
      rspec-mocks (~> 2.5.0)
    rspec-core (2.5.1)
    rspec-expectations (2.5.0)
      diff-lcs (~> 1.1.2)
    rspec-mocks (2.5.0)
    yard (0.6.4)

PLATFORMS
  ruby

DEPENDENCIES
  BlueCloth
  hash-access
  rdoc
  rspec
  rspec-core
  yard
