GIT
  remote: https://github.com/slavach/hash-access.git
  revision: c567a4140eca59a05494854012f045bc4c87f6ac
  specs:
    hash-access (0.3.0)

GEM
  remote: http://rubygems.org/
  specs:
    BlueCloth (1.0.1)
    diff-lcs (1.1.2)
    rdoc (3.5.3)
    rspec (2.5.0)
      rspec-core (~> 2.5.0)
      rspec-expectations (~> 2.5.0)
      rspec-mocks (~> 2.5.0)
    rspec-core (2.5.1)
    rspec-expectations (2.5.0)
      diff-lcs (~> 1.1.2)
    rspec-mocks (2.5.0)
    yard (0.6.4)

PLATFORMS
  ruby

DEPENDENCIES
  BlueCloth
  hash-access!
  rdoc
  rspec
  rspec-core
  yard
